PATH
  remote: .
  specs:
    conv (0.0.4)
      activesupport (= 6.0.3)
      nokogiri (= 1.10.8)
      roo (= 1.13.2)
      xlsx_writer (= 0.4.2)

GEM
  remote: https://rubygems.org/
  specs:
    activesupport (6.0.3)
      concurrent-ruby (~> 1.0, >= 1.0.2)
      i18n (>= 0.7, < 2)
      minitest (~> 5.1)
      tzinfo (~> 1.1)
      zeitwerk (~> 2.2, >= 2.2.2)
    concurrent-ruby (1.1.6)
    diff-lcs (1.3)
    fast_xs (0.8.0)
    i18n (1.8.2)
      concurrent-ruby (~> 1.0)
    mini_portile2 (2.4.0)
    minitest (5.14.0)
    nokogiri (1.10.8)
      mini_portile2 (~> 2.4.0)
    rake (12.3.3)
    roo (1.13.2)
      nokogiri
      rubyzip
      spreadsheet (> 0.6.4)
    rspec (3.9.0)
      rspec-core (~> 3.9.0)
      rspec-expectations (~> 3.9.0)
      rspec-mocks (~> 3.9.0)
    rspec-core (3.9.2)
      rspec-support (~> 3.9.3)
    rspec-expectations (3.9.1)
      diff-lcs (>= 1.2.0, < 2.0)
      rspec-support (~> 3.9.0)
    rspec-mocks (3.9.1)
      diff-lcs (>= 1.2.0, < 2.0)
      rspec-support (~> 3.9.0)
    rspec-support (3.9.3)
    ruby-ole (1.2.12.2)
    rubyzip (2.3.0)
    spreadsheet (1.2.6)
      ruby-ole (>= 1.0)
    thread_safe (0.3.6)
    tzinfo (1.2.7)
      thread_safe (~> 0.1)
    unix_utils (0.0.15)
    xlsx_writer (0.4.2)
      activesupport
      fast_xs
      unix_utils
    zeitwerk (2.3.0)

PLATFORMS
  ruby

DEPENDENCIES
  bundler (~> 1.6)
  conv!
  rake
  rspec
