PATH
  remote: .
  specs:
    conv (0.0.4)
      activesupport (= 4.1.11)
      nokogiri (= 1.11.4)
      roo (= 1.13.2)
      xlsx_writer (= 0.4.2)

GEM
  remote: https://rubygems.org/
  specs:
    activesupport (4.1.11)
      i18n (~> 0.6, >= 0.6.9)
      json (~> 1.7, >= 1.7.7)
      minitest (~> 5.1)
      thread_safe (~> 0.1)
      tzinfo (~> 1.1)
    concurrent-ruby (1.1.8)
    diff-lcs (1.4.4)
    fast_xs (0.8.0)
    i18n (0.9.5)
      concurrent-ruby (~> 1.0)
    json (1.8.6)
    mini_portile2 (2.5.1)
    minitest (5.14.4)
    nokogiri (1.11.4)
      mini_portile2 (~> 2.5.0)
      racc (~> 1.4)
    racc (1.5.2)
    rake (12.3.3)
    roo (1.13.2)
      nokogiri
      rubyzip
      spreadsheet (> 0.6.4)
    rspec (3.10.0)
      rspec-core (~> 3.10.0)
      rspec-expectations (~> 3.10.0)
      rspec-mocks (~> 3.10.0)
    rspec-core (3.10.1)
      rspec-support (~> 3.10.0)
    rspec-expectations (3.10.1)
      diff-lcs (>= 1.2.0, < 2.0)
      rspec-support (~> 3.10.0)
    rspec-mocks (3.10.2)
      diff-lcs (>= 1.2.0, < 2.0)
      rspec-support (~> 3.10.0)
    rspec-support (3.10.2)
    ruby-ole (1.2.12.2)
    rubyzip (2.3.0)
    spreadsheet (1.2.8)
      ruby-ole
    thread_safe (0.3.6)
    tzinfo (1.2.9)
      thread_safe (~> 0.1)
    unix_utils (0.0.15)
    xlsx_writer (0.4.2)
      activesupport
      fast_xs
      unix_utils

PLATFORMS
  ruby

DEPENDENCIES
  bundler (~> 1.6)
  conv!
  rake
  rspec
