PATH
  remote: .
  specs:
    conv (0.0.4)
      nokogiri
      roo
      xlsx_writer

GEM
  remote: https://rubygems.org/
  specs:
    activesupport (4.0.0)
      i18n (~> 0.6, >= 0.6.4)
      minitest (~> 4.2)
      multi_json (~> 1.3)
      thread_safe (~> 0.1)
      tzinfo (~> 0.3.37)
    atomic (1.1.10)
    fast_xs (0.8.0)
    i18n (0.6.9)
    mini_portile (0.5.3)
    minitest (4.7.5)
    multi_json (1.7.7)
    nokogiri (1.6.1)
      mini_portile (~> 0.5.0)
    rake (12.3.3)
    roo (1.13.2)
      nokogiri
      rubyzip
      spreadsheet (> 0.6.4)
    ruby-ole (1.2.11.7)
    rubyzip (1.1.3)
    spreadsheet (0.9.7)
      ruby-ole (>= 1.0)
    thread_safe (0.1.0)
      atomic
    tzinfo (0.3.37)
    unix_utils (0.0.15)
    xlsx_writer (0.4.2)
      activesupport
      fast_xs
      unix_utils

PLATFORMS
  ruby

DEPENDENCIES
  bundler (~> 1.6)
  conv!
  rake
